GEM
  remote: https://rubygems.org/
  specs:
    httparty (0.18.1)
      mime-types (~> 3.0)
      multi_xml (>= 0.5.2)
    json (2.5.1)
    mime-types (3.3.1)
      mime-types-data (~> 3.2015)
    mime-types-data (3.2021.0225)
    multi_xml (0.6.0)
    rubymuse (0.1.3)
      httparty
      json

PLATFORMS
  x86_64-linux

DEPENDENCIES
  rubymuse (~> 0.1.3)

BUNDLED WITH
   2.2.5
